GEM
  remote: https://rubygems.org/
  specs:
    mini_portile (0.6.2)
    nokogiri (1.6.6.2)
      mini_portile (~> 0.6.0)
    ruby-oci8 (2.1.7)
    rubyzip (1.1.7)
    sequel (4.19.0)

PLATFORMS
  ruby

DEPENDENCIES
  nokogiri
  ruby-oci8
  rubyzip
  sequel
